GEM
  remote: https://rubygems.org/
  specs:
    Ascii85 (1.0.2)
    actionmailer (3.2.8)
      actionpack (= 3.2.8)
      mail (~> 2.4.4)
    actionpack (3.2.8)
      activemodel (= 3.2.8)
      activesupport (= 3.2.8)
      builder (~> 3.0.0)
      erubis (~> 2.7.0)
      journey (~> 1.0.4)
      rack (~> 1.4.0)
      rack-cache (~> 1.2)
      rack-test (~> 0.6.1)
      sprockets (~> 2.1.3)
    activemodel (3.2.8)
      activesupport (= 3.2.8)
      builder (~> 3.0.0)
    activerecord (3.2.8)
      activemodel (= 3.2.8)
      activesupport (= 3.2.8)
      arel (~> 3.0.2)
      tzinfo (~> 0.3.29)
    activeresource (3.2.8)
      activemodel (= 3.2.8)
      activesupport (= 3.2.8)
    activesupport (3.2.8)
      i18n (~> 0.6)
      multi_json (~> 1.0)
    acts_as_tree_rails3 (0.1.0)
    afm (0.2.2)
    arel (3.0.3)
    bcrypt (3.1.10-x86-mingw32)
    bcrypt-ruby (3.1.5-x86-mingw32)
      bcrypt (>= 3.1.3)
    builder (3.0.4)
    cancan (1.6.10)
    coffee-rails (3.2.2)
      coffee-script (>= 2.2.0)
      railties (~> 3.2.0)
    coffee-script (2.4.1)
      coffee-script-source
      execjs
    coffee-script-source (1.10.0)
    deep_cloneable (2.0.2)
      activerecord (>= 3.1.0, < 5.0.0)
    dynamic_attributes (0.0.1)
    dynamic_model (0.0.1)
    dynamic_workflow (0.0.1)
    easy_site_audited (0.0.1)
    easy_site_interface (0.0.1)
    easy_site_tacti_log (0.0.1)
    easy_site_user_stamp (0.0.1)
    erubis (2.7.0)
    execjs (2.6.0)
    hashery (2.1.1)
    hike (1.2.3)
    i18n (0.7.0)
    journey (1.0.4)
    jquery-rails (3.1.4)
      railties (>= 3.0, < 5.0)
      thor (>= 0.14, < 2.0)
    json (1.8.3)
    lorem (0.1.2)
    mail (2.4.4)
      i18n (>= 0.4.0)
      mime-types (~> 1.16)
      treetop (~> 1.4.8)
    mime-types (1.25.1)
    multi_json (1.11.2)
    multiple_site (0.0.1)
    mysql2 (0.3.11-x86-mingw32)
    nokogiri (1.5.0-x86-mingw32)
    pdf-reader (1.3.3)
      Ascii85 (~> 1.0.0)
      afm (~> 0.2.0)
      hashery (~> 2.0)
      ruby-rc4
      ttfunk
    polyglot (0.3.5)
    prawn (0.13.1)
      pdf-reader (~> 1.2)
      ruby-rc4
      ttfunk (~> 1.0.3)
    rack (1.4.7)
    rack-cache (1.5.1)
      rack (>= 0.4)
    rack-ssl (1.3.4)
      rack
    rack-test (0.6.3)
      rack (>= 1.0)
    rails (3.2.8)
      actionmailer (= 3.2.8)
      actionpack (= 3.2.8)
      activerecord (= 3.2.8)
      activeresource (= 3.2.8)
      activesupport (= 3.2.8)
      bundler (~> 1.0)
      railties (= 3.2.8)
    rails-dev-tweaks (1.2.0)
      actionpack (>= 3.1)
      railties (>= 3.1)
    railties (3.2.8)
      actionpack (= 3.2.8)
      activesupport (= 3.2.8)
      rack-ssl (~> 1.3.2)
      rake (>= 0.8.7)
      rdoc (~> 3.4)
      thor (>= 0.14.6, < 2.0)
    rake (10.5.0)
    rdoc (3.12.2)
      json (~> 1.4)
    ruby-ole (1.2.12)
    ruby-rc4 (0.1.5)
    sass (3.4.21)
    sass-rails (3.2.6)
      railties (~> 3.2.0)
      sass (>= 3.1.10)
      tilt (~> 1.3)
    spreadsheet (1.1.1)
      ruby-ole (>= 1.0)
    sprockets (2.1.4)
      hike (~> 1.2)
      rack (~> 1.0)
      tilt (~> 1.1, != 1.3.0)
    thor (0.19.1)
    tilt (1.4.1)
    treetop (1.4.15)
      polyglot
      polyglot (>= 0.3.1)
    ttfunk (1.0.3)
    tzinfo (0.3.46)
    uglifier (2.7.2)
      execjs (>= 0.3.0)
      json (>= 1.8.0)
    will_paginate (3.0.5)

PLATFORMS
  x86-mingw32

DEPENDENCIES
  acts_as_tree_rails3 (= 0.1.0)
  bcrypt-ruby (= 3.1.5)
  cancan (= 1.6.10)
  coffee-rails (~> 3.2.1)
  deep_cloneable (~> 2.0.0)
  dynamic_attributes (= 0.0.1)
  dynamic_model (= 0.0.1)
  dynamic_workflow (= 0.0.1)
  easy_site_audited (= 0.0.1)
  easy_site_interface (= 0.0.1)
  easy_site_tacti_log (= 0.0.1)
  easy_site_user_stamp (= 0.0.1)
  jquery-rails (= 3.1.4)
  lorem (= 0.1.2)
  multiple_site (= 0.0.1)
  mysql2 (= 0.3.11)
  nokogiri (= 1.5.0)
  prawn (= 0.13.1)
  rails (= 3.2.8)
  rails-dev-tweaks (~> 1.1)
  sass-rails (~> 3.2.3)
  spreadsheet (= 1.1.1)
  therubyracer
  uglifier (>= 1.0.3)
  will_paginate (= 3.0.5)
